GIT
  remote: git@github.com:1337807/robolove.git
  revision: 42cc667c9221b073ff1a9c06f79867072cb242c5
  specs:
    robolove (0.0.1)

GIT
  remote: git@github.com:docwhat/lego_nxt.git
  revision: cda07aa1ad59b5370ed894f3539b64d3c3ff11dc
  specs:
    lego_nxt (1.0.0)
      libusb (~> 0.4)
      music (~> 0.7)

GEM
  remote: https://rubygems.org/
  specs:
    coderay (1.1.0)
    ffi (1.9.6)
    libusb (0.5.0)
      ffi (>= 1.0)
    metaclass (0.0.4)
    method_source (0.8.2)
    minitest (5.5.1)
    mocha (1.1.0)
      metaclass (~> 0.0.1)
    music (0.7.0)
    pi_piper (1.3.2)
      ffi
    pry (0.10.1)
      coderay (~> 1.1.0)
      method_source (~> 0.8.1)
      slop (~> 3.4)
    rake (10.4.2)
    slop (3.6.0)

PLATFORMS
  ruby

DEPENDENCIES
  lego_nxt!
  minitest
  mocha
  pi_piper
  pry
  rake
  robolove!
